GIT
  remote: git@github.com:thoughtbot/bourbon.git
  revision: f6fa980e4e9f6628be2d8dee81e7ad106563180b
  specs:
    bourbon (4.0.2)
      sass (~> 3.3)
      thor

GEM
  remote: http://rubygems.org/
  specs:
    neat (1.7.0)
      bourbon (>= 4.0)
      sass (>= 3.3)
    sass (3.4.7)
    thor (0.19.1)

PLATFORMS
  ruby

DEPENDENCIES
  bourbon!
  neat
