GIT
  remote: git@github.com:thoughtbot/bourbon.git
  revision: 6a359e0185776c6f53e2a07406fc3e094d474ef7
  branch: inline-docs
  specs:
    bourbon (4.0.2)
      sass (~> 3.3)
      thor

GEM
  remote: http://rubygems.org/
  specs:
    neat (1.7.0)
      bourbon (>= 4.0)
      sass (>= 3.3)
    sass (3.4.7)
    thor (0.19.1)

PLATFORMS
  ruby

DEPENDENCIES
  bourbon!
  neat
